GEM
  remote: https://rubygems.org/
  specs:
    base64 (0.3.0)
    logger (1.7.0)
    multi_json (1.16.0)
    mustermann (3.0.3)
      ruby2_keywords (~> 0.0.1)
    nio4r (2.7.4)
    puma (6.6.0)
      nio4r (~> 2.0)
    rack (3.1.16)
    rack-protection (4.1.1)
      base64 (>= 0.1.0)
      logger (>= 1.6.0)
      rack (>= 3.0.0, < 4)
    rack-session (2.1.1)
      base64 (>= 0.1.0)
      rack (>= 3.0.0)
    rackup (2.2.1)
      rack (>= 3)
    ruby2_keywords (0.0.5)
    sinatra (4.1.1)
      logger (>= 1.6.0)
      mustermann (~> 3.0)
      rack (>= 3.0.0, < 4)
      rack-protection (= 4.1.1)
      rack-session (>= 2.0.0, < 3)
      tilt (~> 2.0)
    sinatra-contrib (4.1.1)
      multi_json (>= 0.0.2)
      mustermann (~> 3.0)
      rack-protection (= 4.1.1)
      sinatra (= 4.1.1)
      tilt (~> 2.0)
    sqlite3 (2.7.2-aarch64-linux-gnu)
    sqlite3 (2.7.2-aarch64-linux-musl)
    sqlite3 (2.7.2-arm-linux-gnu)
    sqlite3 (2.7.2-arm-linux-musl)
    sqlite3 (2.7.2-arm64-darwin)
    sqlite3 (2.7.2-x86-linux-gnu)
    sqlite3 (2.7.2-x86-linux-musl)
    sqlite3 (2.7.2-x86_64-darwin)
    sqlite3 (2.7.2-x86_64-linux-gnu)
    sqlite3 (2.7.2-x86_64-linux-musl)
    tilt (2.6.1)

PLATFORMS
  aarch64-linux-gnu
  aarch64-linux-musl
  arm-linux-gnu
  arm-linux-musl
  arm64-darwin
  x86-linux-gnu
  x86-linux-musl
  x86_64-darwin
  x86_64-linux
  x86_64-linux-gnu
  x86_64-linux-musl

DEPENDENCIES
  puma
  rackup
  sinatra
  sinatra-contrib
  sqlite3

BUNDLED WITH
   2.6.9
